GEM
  remote: https://rubygems.org/
  specs:
    domain_name (0.5.20190701)
      unf (>= 0.0.5, < 1.0.0)
    faraday (1.3.0)
      faraday-net_http (~> 1.0)
      multipart-post (>= 1.2, < 3)
      ruby2_keywords
    faraday-cookie_jar (0.0.7)
      faraday (>= 0.8.0)
      http-cookie (~> 1.0.0)
    faraday-net_http (1.0.1)
    faraday_middleware (1.0.0)
      faraday (~> 1.0)
    http-cookie (1.0.3)
      domain_name (~> 0.5)
    msgpack (1.4.2)
    multipart-post (2.1.1)
    rainbow (3.0.0)
    ruby-progressbar (1.11.0)
    ruby2_keywords (0.0.4)
    unf (0.1.4)
      unf_ext
    unf_ext (0.0.7.7)

PLATFORMS
  x86_64-darwin-16
  x86_64-linux

DEPENDENCIES
  faraday-cookie_jar
  faraday_middleware
  msgpack
  rainbow
  ruby-progressbar

BUNDLED WITH
   2.2.12
